GEM
  remote: http://rubygems.org/
  specs:
    coffee-script (2.2.0)
      coffee-script-source
      execjs
    coffee-script-source (1.6.3)
    execjs (1.4.0)
      multi_json (~> 1.0)
    haml (4.0.3)
      tilt
    multi_json (1.7.7)
    rack (1.5.2)
    tilt (1.4.1)
    tiltd (0.0.6)
      rack
      tilt
    webruby (0.1.1)

PLATFORMS
  ruby

DEPENDENCIES
  coffee-script
  haml
  tiltd
  webruby
